GEM
  remote: https://rubygems.org/
  specs:
    dropbox-sdk (1.6.5)
      json
    json (1.8.3)
    rake (10.4.2)
    rubyzip (1.1.7)

PLATFORMS
  ruby

DEPENDENCIES
  dropbox-sdk
  rake
  rubyzip (>= 1.0.0)
